GEM
  remote: https://rubygems.org/
  specs:
    coderay (1.1.3)
    csv (3.3.5)
    diff-lcs (1.6.1)
    docile (1.4.1)
    json (2.12.0)
    method_source (1.1.0)
    pry (0.15.2)
      coderay (~> 1.1)
      method_source (~> 1.0)
    rspec (3.13.0)
      rspec-core (~> 3.13.0)
      rspec-expectations (~> 3.13.0)
      rspec-mocks (~> 3.13.0)
    rspec-core (3.13.3)
      rspec-support (~> 3.13.0)
    rspec-expectations (3.13.4)
      diff-lcs (>= 1.2.0, < 2.0)
      rspec-support (~> 3.13.0)
    rspec-mocks (3.13.4)
      diff-lcs (>= 1.2.0, < 2.0)
      rspec-support (~> 3.13.0)
    rspec-support (3.13.3)
    simplecov (0.22.0)
      docile (~> 1.1)
      simplecov-html (~> 0.11)
      simplecov_json_formatter (~> 0.1)
    simplecov-html (0.13.1)
    simplecov_json_formatter (0.1.4)
    thor (1.3.2)

PLATFORMS
  ruby
  x86_64-linux-gnu

DEPENDENCIES
  csv (~> 3.3)
  json (~> 2.12)
  pry (~> 0.15.2)
  rspec
  simplecov (~> 0.22.0)
  thor (~> 1.3)

BUNDLED WITH
   2.6.8
